GEM
  remote: https://rubygems.org/
  specs:
    byebug (11.1.3)
    csv (3.2.5)
    date (3.2.2)
    faraday (2.7.1)
      faraday-net_http (>= 2.0, < 3.1)
      ruby2_keywords (>= 0.0.4)
    faraday-net_http (3.0.2)
    json (2.6.2)
    nokogiri (1.13.9-x64-mingw-ucrt)
      racc (~> 1.4)
    open-uri (0.2.0)
      stringio
      time
      uri
    racc (1.6.0)
    ruby2_keywords (0.0.5)
    stringio (3.0.2)
    time (0.2.0)
      date
    uri (0.11.0)

PLATFORMS
  x64-mingw-ucrt

DEPENDENCIES
  byebug
  csv
  faraday
  json
  nokogiri
  open-uri

RUBY VERSION
   ruby 3.1.2p20

BUNDLED WITH
   2.3.7
